GEM
  remote: https://rubygems.org/
  specs:
    awesome_print (1.7.0)
    rack (1.6.11)
    rack-protection (1.5.5)
      rack
    sinatra (1.4.8)
      rack (~> 1.5)
      rack-protection (~> 1.4)
      tilt (>= 1.3, < 3)
    tilt (2.0.6)

PLATFORMS
  ruby

DEPENDENCIES
  awesome_print
  sinatra

BUNDLED WITH
   1.16.2
